GEM
  remote: https://rubygems.org/
  specs:
    flickraw (0.8.4)
      json (>= 1.1.1)
    haml (3.0.25)
    json (1.5.1)
    rack (1.5.2)
    rack-protection (1.5.3)
      rack
    sinatra (1.4.5)
      rack (~> 1.4)
      rack-protection (~> 1.4)
      tilt (~> 1.3, >= 1.3.4)
    tilt (1.4.1)

PLATFORMS
  ruby

DEPENDENCIES
  flickraw (~> 0.8)
  haml
  sinatra (~> 1.4)
